GEM
  remote: https://rubygems.org/
  specs:
    activemodel (3.2.16)
      activesupport (= 3.2.16)
      builder (~> 3.0.0)
    activesupport (3.2.16)
      i18n (~> 0.6, >= 0.6.4)
      multi_json (~> 1.0)
    builder (3.0.4)
    i18n (0.6.9)
    json (1.8.1)
    mongoid (3.1.6)
      activemodel (~> 3.2)
      moped (~> 1.4)
      origin (~> 1.0)
      tzinfo (~> 0.3.29)
    moped (1.5.1)
    multi_json (1.8.4)
    origin (1.1.0)
    rack (1.5.2)
    redcarpet (3.0.0)
    sinatra (1.0)
      rack (>= 1.0)
    tzinfo (0.3.38)

PLATFORMS
  ruby

DEPENDENCIES
  json
  mongoid
  redcarpet
  sinatra
